GEM
  remote: http://rubygems.org/
  specs:
    mysql (2.8.1)
    trollop (1.16.2)

PLATFORMS
  ruby

DEPENDENCIES
  mysql
  trollop
