GEM
  remote: http://rubygems.org/
  specs:
    awesome_print (1.0.2)
    bacon (1.1.0)
    bluecloth (2.2.0)
    daemons (1.1.8)
    diff-lcs (1.1.3)
    eventmachine (0.12.10)
    innate (2012.03)
      rack (~> 1.4.1)
    multi_json (1.1.0)
    mysql (2.8.1)
    mysql2 (0.3.11)
    rack (1.4.1)
    rack-test (0.6.1)
      rack (>= 1.0)
    ramaze (2012.03.07)
      innate (>= 2012.03)
    rspec (2.8.0)
      rspec-core (~> 2.8.0)
      rspec-expectations (~> 2.8.0)
      rspec-mocks (~> 2.8.0)
    rspec-core (2.8.0)
    rspec-expectations (2.8.0)
      diff-lcs (~> 1.1.2)
    rspec-mocks (2.8.0)
    sequel (3.33.0)
    simplecov (0.6.1)
      multi_json (~> 1.0)
      simplecov-html (~> 0.5.3)
    simplecov-html (0.5.3)
    sqlite3 (1.3.5)
    thin (1.3.1)
      daemons (>= 1.0.9)
      eventmachine (>= 0.12.6)
      rack (>= 1.0.0)
    trollop (1.16.2)
    yard (0.7.5)

PLATFORMS
  ruby

DEPENDENCIES
  awesome_print
  bacon
  bluecloth
  bundler
  mysql
  mysql2
  rack-test
  ramaze
  rspec
  sequel
  simplecov
  sqlite3
  thin
  trollop
  yard
